REDIRECTS: ON
RESTRICTION: == net462
NUGET
  remote: https://api.nuget.org/v3/index.json
    Akka (1.3.3)
      Newtonsoft.Json (>= 9.0.1)
      System.Collections.Immutable (>= 1.3.1)
    Akka.Cluster (1.3.3)
      Akka.Remote (>= 1.3.3)
    Akka.Cluster.Discovery (0.0.2)
      Akka.Cluster (>= 1.3.1)
      System.Reflection.TypeExtensions (>= 4.4)
    Akka.Cluster.Discovery.Consul (0.0.2)
      Akka.Cluster (>= 1.3.2)
      Akka.Cluster.Discovery (>= 0.0.2)
      Consul (>= 0.7.2.3)
    Akka.Logger.NLog (1.2)
      Akka (>= 1.2)
      Newtonsoft.Json (>= 9.0.1)
      NLog (>= 4.4.6)
      System.Collections.Immutable (>= 1.3.1)
    Akka.Remote (1.3.3)
      Akka (>= 1.3.3)
      DotNetty.Handlers (>= 0.4.6)
      Google.Protobuf (>= 3.3)
    Akka.Serialization.Hyperion (1.3.3-beta56)
      Akka (>= 1.3.3-beta56)
      Hyperion (>= 0.9.7)
    Akka.Streams (1.3.3)
      Akka (>= 1.3.3)
      Reactive.Streams (>= 1.0.2)
    Akkling (0.8)
      Akka (>= 1.3.1)
      Akka.Serialization.Hyperion (>= 1.3.1-beta52)
      FSharp.Core
      FsPickler (>= 3.2)
      FSPowerPack.Linq.Community (>= 3.0)
    Akkling.Streams (0.8)
      Akka (>= 1.3.1)
      Akka.Streams (>= 1.3.1)
      Akkling (>= 0.8)
      FSharp.Core
      Reactive.Streams (>= 1.0.2)
    Consul (0.7.2.3)
    DotNetty.Buffers (0.4.7)
      DotNetty.Common (>= 0.4.7)
      System.Runtime.CompilerServices.Unsafe (>= 4.4)
    DotNetty.Codecs (0.4.7)
      DotNetty.Buffers (>= 0.4.7)
      DotNetty.Common (>= 0.4.7)
      DotNetty.Transport (>= 0.4.7)
    DotNetty.Common (0.4.7)
      Microsoft.Extensions.Logging (>= 1.1.1)
      System.Runtime.CompilerServices.Unsafe (>= 4.4)
    DotNetty.Handlers (0.4.7)
      DotNetty.Buffers (>= 0.4.7)
      DotNetty.Codecs (>= 0.4.7)
      DotNetty.Common (>= 0.4.7)
      DotNetty.Transport (>= 0.4.7)
    DotNetty.Transport (0.4.7)
      DotNetty.Buffers (>= 0.4.7)
      DotNetty.Common (>= 0.4.7)
    FSharp.Compiler.Tools (4.1.29)
    FSharp.Core (4.2.3)
    FsPickler (5.0)
      FSharp.Core (>= 3.1.2)
    FSPowerPack.Core.Community (3.0)
    FSPowerPack.Linq.Community (3.0)
      FSPowerPack.Core.Community
    Google.Protobuf (3.5.1)
    Hyperion (0.9.7)
    Microsoft.Extensions.Logging (2.0)
    Microsoft.NETCore.Platforms (2.0.1)
    NETStandard.Library (2.0.1)
      Microsoft.NETCore.Platforms (>= 1.1)
    Newtonsoft.Json (10.0.3)
    NLog (4.4.12)
    Reactive.Streams (1.0.2)
    System.Collections.Immutable (1.4)
      NETStandard.Library (>= 1.6.1)
    System.Reflection.TypeExtensions (4.4)
    System.Runtime.CompilerServices.Unsafe (4.4)
      NETStandard.Library (>= 1.6.1)
    System.ValueTuple (4.4)
